GEM
  remote: https://rubygems.org/
  specs:
    dotenv (2.7.6)
    mail (2.7.1)
      mini_mime (>= 0.1.1)
    mini_mime (1.1.0)
    rexml (3.2.5)
    rss (0.2.9)
      rexml

PLATFORMS
  ruby

DEPENDENCIES
  dotenv
  mail
  rss

BUNDLED WITH
   2.2.21
